GEM
  remote: https://rubygems.org/
  specs:
    array_include_methods (1.4.0)
    color (1.8)
    combine_pdf (1.0.23)
      matrix
      ruby-rc4 (>= 0.1.5)
    facets (3.1.0)
    glimmer (2.3.0)
      array_include_methods (~> 1.4.0)
      facets (>= 3.1.0, < 4.0.0)
    glimmer-dsl-libui (0.2.10)
      color (~> 1.8)
      glimmer (~> 2.3.0)
      libui (~> 0.0.11)
      os (>= 1.0.0, < 2.0.0)
    libui (0.0.11)
    matrix (0.4.2)
    os (1.1.1)
    ruby-progressbar (1.11.0)
    ruby-rc4 (0.1.5)

PLATFORMS
  x86_64-darwin-22

DEPENDENCIES
  combine_pdf
  glimmer-dsl-libui
  ruby-progressbar

BUNDLED WITH
   2.4.6
